PATH
  remote: ../../..
  specs:
    motion-kit (2.0.0)
      dbt (~> 1.1, >= 1.1.5)

GEM
  remote: https://rubygems.org/
  specs:
    dbt (1.2.0)
    rake (10.4.2)

PLATFORMS
  ruby

DEPENDENCIES
  motion-kit!
  rake

BUNDLED WITH
   1.10.4
